GEM
  remote: http://rubygems.org/
  specs:
    bluecloth (2.1.0)
    rack (1.2.1)
    sinatra (1.1.0)
      rack (~> 1.1)
      tilt (~> 1.1)
    tilt (1.1)
    yard (0.6.5)

PLATFORMS
  ruby

DEPENDENCIES
  bluecloth
  sinatra
  yard
